PATH
  remote: .
  specs:
    big_keeper (0.1.0)

GEM
  remote: https://ruby.taobao.org/
  specs:
    ast (2.3.0)
    big_stash (0.1.0)
    gli (2.16.1)
    parallel (1.12.0)
    parser (2.4.0.0)
      ast (~> 2.2)
    plist (3.3.0)
    powerpack (0.1.1)
    rainbow (2.2.2)
      rake
    rake (10.5.0)
    rubocop (0.50.0)
      parallel (~> 1.10)
      parser (>= 2.3.3.1, < 3.0)
      powerpack (~> 0.1)
      rainbow (>= 2.2.2, < 3.0)
      ruby-progressbar (~> 1.7)
      unicode-display_width (~> 1.0, >= 1.0.1)
    ruby-progressbar (1.9.0)
    unicode-display_width (1.3.0)

PLATFORMS
  ruby

DEPENDENCIES
  big_keeper!
  big_stash (~> 0.1)
  bundler (~> 1.15)
  gli (~> 2.16)
  plist
  rake (~> 10.0)
  rubocop (~> 0.50.0)

BUNDLED WITH
   1.15.4
